GEM
  remote: https://rubygems.org/
  specs:
    byebug (11.1.3)
    ruby_http_client (3.5.2)
    sendgrid-ruby (6.4.0)
      ruby_http_client (~> 3.4)

PLATFORMS
  x86_64-linux

DEPENDENCIES
  byebug (~> 11.1)
  sendgrid-ruby

BUNDLED WITH
   2.2.16
